GEM
  remote: https://rubygems.org/
  specs:
    davenport (1.0.0)

PLATFORMS
  ruby

DEPENDENCIES
  davenport

BUNDLED WITH
   2.0.1
